GIT
  remote: git://github.com/maccman/roauth.git
  revision: 0cac7427c3d3ad6110c56bc154f290e6bc109312
  ref: 0cac7427c3d3ad6110c56bc154f290e6bc109312
  specs:
    roauth (0.0.6)

GEM
  remote: http://rubygems.org/
  specs:
    addressable (2.2.2)
    columnize (0.3.1)
    daemons (1.1.0)
    diff-lcs (1.1.2)
    em-http-request (0.2.14)
      addressable (>= 2.0.0)
      eventmachine (>= 0.12.9)
    eventmachine (0.12.10)
    eventmachine_httpserver (0.2.0)
    json (1.4.6)
    linecache (0.43)
    rake (0.8.7)
    rspec (2.0.1)
      rspec-core (~> 2.0.1)
      rspec-expectations (~> 2.0.1)
      rspec-mocks (~> 2.0.1)
    rspec-core (2.0.1)
    rspec-expectations (2.0.1)
      diff-lcs (>= 1.1.2)
    rspec-mocks (2.0.1)
      rspec-core (~> 2.0.1)
      rspec-expectations (~> 2.0.1)
    ruby-debug (0.10.3)
      columnize (>= 0.1)
      ruby-debug-base (~> 0.10.3.0)
    ruby-debug-base (0.10.3)
      linecache (>= 0.3)
    twitter-stream (0.1.10)
      eventmachine (>= 0.12.8)
      roauth (>= 0.0.2)

PLATFORMS
  ruby

DEPENDENCIES
  daemons
  em-http-request
  eventmachine
  eventmachine_httpserver
  json
  rake
  roauth!
  rspec
  ruby-debug
  twitter-stream
